GEM
  remote: http://rubygems.org/
  specs:
    rack (1.3.4)
    rack-proxy (0.3.4)
      rack

PLATFORMS
  ruby

DEPENDENCIES
  rack
  rack-proxy
