GIT
  remote: https://github.com/amiel/request_logger.git
  revision: 9994b73b9e95eb2d36c1b14a927d528adc5308fe
  specs:
    request_logger (0.0.1)
      rack

PATH
  remote: ../github/rack-proxy
  specs:
    rack-proxy (0.3.4)
      rack

GEM
  remote: http://rubygems.org/
  specs:
    coderay (0.9.8)
    method_source (0.6.6)
      ruby_parser (~> 2.0.5)
    pry (0.9.6.2)
      coderay (~> 0.9.8)
      method_source (~> 0.6.5)
      ruby_parser (~> 2.0.5)
      slop (~> 2.1.0)
    rack (1.3.4)
    ruby_parser (2.0.6)
      sexp_processor (~> 3.0)
    sexp_processor (3.0.7)
    slop (2.1.0)

PLATFORMS
  ruby

DEPENDENCIES
  pry
  rack
  rack-proxy!
  request_logger!
